PATH
  remote: .
  specs:
    umakadata (0.9.0)
      rdf-rdfxml (~> 2.0)
      rdf-turtle (~> 2.0)
      rdf-vocab (~> 2.0)
      sparql (~> 2.0)
      sparql-client (~> 2.0)

GEM
  remote: https://rubygems.org/
  specs:
    builder (3.2.3)
    concurrent-ruby (1.0.5)
    connection_pool (2.2.2)
    diff-lcs (1.2.5)
    ebnf (1.1.2)
      rdf (>= 2.2, < 4.0)
      sxp (~> 1.0)
    haml (5.0.4)
      temple (>= 0.8.0)
      tilt
    hamster (3.0.0)
      concurrent-ruby (~> 1.0)
    htmlentities (4.3.4)
    link_header (0.0.8)
    net-http-persistent (3.0.0)
      connection_pool (~> 2.2)
    rake (10.5.0)
    rdf (3.0.2)
      hamster (~> 3.0)
      link_header (~> 0.0, >= 0.0.8)
    rdf-aggregate-repo (2.2.1)
      rdf (>= 2.2, < 4.0)
    rdf-rdfa (3.0.1)
      haml (~> 5.0)
      htmlentities (~> 4.3)
      rdf (~> 3.0)
      rdf-aggregate-repo (>= 2.2, < 4.0)
      rdf-xsd (~> 3.0)
    rdf-rdfxml (2.2.1)
      htmlentities (~> 4.3)
      rdf (>= 2.2, < 4.0)
      rdf-rdfa (>= 2.2, < 4.0)
      rdf-xsd (>= 2.2, < 4.0)
    rdf-turtle (2.2.2)
      ebnf (~> 1.1)
      rdf (>= 2.2, < 4.0)
    rdf-vocab (2.2.9)
      rdf (>= 2.2, < 4.0)
    rdf-xsd (3.0.0)
      rdf (~> 3.0)
    rspec (3.4.0)
      rspec-core (~> 3.4.0)
      rspec-expectations (~> 3.4.0)
      rspec-mocks (~> 3.4.0)
    rspec-core (3.4.2)
      rspec-support (~> 3.4.0)
    rspec-expectations (3.4.0)
      diff-lcs (>= 1.2.0, < 2.0)
      rspec-support (~> 3.4.0)
    rspec-mocks (3.4.1)
      diff-lcs (>= 1.2.0, < 2.0)
      rspec-support (~> 3.4.0)
    rspec-support (3.4.1)
    sparql (2.2.2)
      builder (~> 3.2)
      ebnf (~> 1.1)
      rdf (>= 2.2, < 4.0)
      rdf-aggregate-repo (>= 2.2, < 4.0)
      rdf-xsd (>= 2.2, < 4.0)
      sparql-client (>= 2.1, < 4.0)
      sxp (~> 1.0)
    sparql-client (2.2.1)
      net-http-persistent (>= 2.9, < 4)
      rdf (>= 2.2, < 4.0)
    sxp (1.0.1)
      rdf (>= 2.2, < 4.0)
    temple (0.8.0)
    tilt (2.0.8)
    yard (0.9.12)

PLATFORMS
  ruby

DEPENDENCIES
  bundler (~> 1.10)
  rake (~> 10.0)
  rspec (~> 3.4)
  umakadata!
  yard (~> 0.9.12)

BUNDLED WITH
   1.16.3
